GEM
  remote: https://rubygems.org/
  specs:
    colorize (0.8.1)
    hashie (3.4.4)
    mini_portile2 (2.8.1)
    nokogiri (1.14.3)
      mini_portile2 (~> 2.8.0)
      racc (~> 1.4)
    racc (1.6.2)

PLATFORMS
  ruby

DEPENDENCIES
  colorize (= 0.8.1)
  hashie (= 3.4.4)
  nokogiri

BUNDLED WITH
   2.3.4
